GEM
  remote: https://rubygems.org/
  specs:
    activemodel (3.2.21)
      activesupport (= 3.2.21)
      builder (~> 3.0.0)
    activerecord (3.2.21)
      activemodel (= 3.2.21)
      activesupport (= 3.2.21)
      arel (~> 3.0.2)
      tzinfo (~> 0.3.29)
    activesupport (3.2.21)
      i18n (~> 0.6, >= 0.6.4)
      multi_json (~> 1.0)
    arel (3.0.3)
    builder (3.0.4)
    i18n (0.7.0)
    multi_json (1.11.0)
    sqlite3 (1.3.10)
    tzinfo (0.3.43)

PLATFORMS
  ruby

DEPENDENCIES
  activerecord (= 3.2.21)
  sqlite3
